GEM
  remote: https://rubygems.org/
  specs:
    json (1.8.1)
    redis (3.2.2)
    stackprof (0.2.8)

PLATFORMS
  ruby

DEPENDENCIES
  json
  redis
  stackprof
